GEM
  remote: https://rubygems.org/
  specs:
    committee (5.5.0)
      json_schema (~> 0.14, >= 0.14.3)
      openapi_parser (~> 2.0)
      rack (>= 1.5, < 3.2)
    commonmarker (2.0.4-aarch64-linux)
    commonmarker (2.0.4-arm64-darwin)
    commonmarker (2.0.4-x86_64-darwin)
    commonmarker (2.0.4-x86_64-linux)
    json_schema (0.21.0)
    openapi3_parser (0.10.1)
      commonmarker (>= 1.0)
    openapi_parser (2.2.3)
    rack (3.1.10)

PLATFORMS
  aarch64-linux
  arm64-darwin
  x86_64-darwin
  x86_64-linux

DEPENDENCIES
  committee
  openapi3_parser

BUNDLED WITH
   2.6.3
