GEM
  remote: https://rubygems.org/
  specs:
    committee (4.4.0)
      json_schema (~> 0.14, >= 0.14.3)
      openapi_parser (>= 0.11.1, < 1.0)
      rack (>= 1.5)
    commonmarker (0.23.5)
    json_schema (0.21.0)
    openapi3_parser (0.9.2)
      commonmarker (~> 0.17)
    openapi_parser (0.15.0)
    rack (2.2.4)

PLATFORMS
  arm64-darwin-21
  x86_64-darwin-19
  x86_64-linux

DEPENDENCIES
  committee
  openapi3_parser

BUNDLED WITH
   2.2.10
